RESTRICTION: == net45
NUGET
  remote: https://api.nuget.org/v3/index.json
    DotNet.Contracts (1.10.20606.1)
    FAKE (5.16)
    FSharp.Core (4.7.2)
    FSharp.Formatting (4.1)
    FSharpx.Collections (2.1.3)
      FSharp.Core (>= 4.3.4)
    NUnit (3.12)
    NUnit.Console (3.11.1)
      NUnit.ConsoleRunner (>= 3.11.1)
      NUnit.Extension.NUnitProjectLoader (>= 3.6)
      NUnit.Extension.NUnitV2Driver (>= 3.8)
      NUnit.Extension.NUnitV2ResultWriter (>= 3.6)
      NUnit.Extension.TeamCityEventListener (>= 1.0.7)
      NUnit.Extension.VSProjectLoader (>= 3.8)
    NUnit.ConsoleRunner (3.11.1)
    NUnit.Extension.NUnitProjectLoader (3.6)
    NUnit.Extension.NUnitV2Driver (3.8)
    NUnit.Extension.NUnitV2ResultWriter (3.6)
    NUnit.Extension.TeamCityEventListener (1.0.7)
    NUnit.Extension.VSProjectLoader (3.8)
    NUnit.Runners (3.11.1)
      NUnit.Console (>= 3.11.1)
    Octokit (0.21.1)
    SourceLink.Fake (1.1)
GITHUB
  remote: fsharp/FAKE
    modules/Octokit/Octokit.fsx (8d16ada44a37d74743dd2afee4acf44d6f4d8ff6)
      Octokit (>= 0.20)